GEM
  remote: http://rubygems.org/
  specs:
    lotus-controller (0.1.0)
      lotus-utils (~> 0.1)
      rack (~> 1.5)
    lotus-utils (0.1.1)
    lotus-view (0.1.0)
      lotus-utils (~> 0.1)
      tilt (~> 2.0, >= 2.0.1)
    rack (1.5.2)
    tilt (2.0.1)

PLATFORMS
  ruby

DEPENDENCIES
  lotus-controller
  lotus-view
